GEM
  remote: http://rubygems.org/
  specs:
    builder (3.0.0)
    rack (1.4.1)
    rake (0.9.2.2)
    rdiscount (1.6.8)
    toto (0.4.9)
      builder
      rack
      rdiscount

PLATFORMS
  ruby

DEPENDENCIES
  builder
  rake
  rdiscount
  toto
